GIT
  remote: git@github.com:rack/rack-contrib
  revision: b7237381e412852435d87100a37add67b2cfbb63
  ref: b7237381e412852435d87100a37add67b2cfbb63
  specs:
    rack-contrib (1.1.0)
      rack (>= 0.9.1)

GEM
  remote: https://rubygems.org/
  specs:
    byebug (9.0.6)
    coderay (1.1.1)
    method_source (0.8.2)
    mustermann (1.0.0)
    pry (0.10.4)
      coderay (~> 1.1.0)
      method_source (~> 0.8.1)
      slop (~> 3.4)
    pry-byebug (3.4.2)
      byebug (~> 9.0)
      pry (~> 0.10)
    rack (2.0.3)
    rack-protection (2.0.0)
      rack
    sinatra (2.0.0)
      mustermann (~> 1.0)
      rack (~> 2.0)
      rack-protection (= 2.0.0)
      tilt (~> 2.0)
    slop (3.6.0)
    tilt (2.0.7)

PLATFORMS
  ruby

DEPENDENCIES
  pry
  pry-byebug
  rack-contrib!
  sinatra

RUBY VERSION
   ruby 2.4.1p111

BUNDLED WITH
   1.15.1
